GEM
  remote: https://rubygems.org/
  specs:
    activesupport (8.1.0)
      base64
      bigdecimal
      concurrent-ruby (~> 1.0, >= 1.3.1)
      connection_pool (>= 2.2.5)
      drb
      i18n (>= 1.6, < 2)
      json
      logger (>= 1.4.2)
      minitest (>= 5.1)
      securerandom (>= 0.3)
      tzinfo (~> 2.0, >= 2.0.5)
      uri (>= 0.13.1)
    base64 (0.3.0)
    bigdecimal (3.3.1)
    concurrent-ruby (1.3.5)
    connection_pool (2.5.4)
    cronex (0.15.0)
      tzinfo
      unicode (>= 0.4.4.5)
    daemons (1.4.1)
    drb (2.2.3)
    et-orbi (1.4.0)
      tzinfo
    eventmachine (1.2.7)
    fugit (1.12.1)
      et-orbi (~> 1.4)
      raabro (~> 1.4)
    globalid (1.3.0)
      activesupport (>= 6.1)
    haml (6.3.0)
      temple (>= 0.8.2)
      thor
      tilt
    i18n (1.14.7)
      concurrent-ruby (~> 1.0)
    json (2.15.2)
    logger (1.7.0)
    minitest (5.26.0)
    mustermann (3.0.4)
      ruby2_keywords (~> 0.0.1)
    raabro (1.4.0)
    rack (3.2.3)
    rack-flash3 (1.0.5)
      rack
    rack-protection (4.2.1)
      base64 (>= 0.1.0)
      logger (>= 1.6.0)
      rack (>= 3.0.0, < 4)
    rack-session (2.1.1)
      base64 (>= 0.1.0)
      rack (>= 3.0.0)
    rackup (2.2.1)
      rack (>= 3)
    redis-client (0.26.1)
      connection_pool
    ruby2_keywords (0.0.5)
    securerandom (0.4.1)
    sidekiq (8.0.8)
      connection_pool (>= 2.5.0)
      json (>= 2.9.0)
      logger (>= 1.6.2)
      rack (>= 3.1.0)
      redis-client (>= 0.23.2)
    sidekiq-cron (2.3.1)
      cronex (>= 0.13.0)
      fugit (~> 1.8, >= 1.11.1)
      globalid (>= 1.0.1)
      sidekiq (>= 6.5.0)
    sinatra (4.2.1)
      logger (>= 1.6.0)
      mustermann (~> 3.0)
      rack (>= 3.0.0, < 4)
      rack-protection (= 4.2.1)
      rack-session (>= 2.0.0, < 3)
      tilt (~> 2.0)
    sinatra-formhelpers-ng (1.9.1)
    temple (0.10.4)
    thin (2.0.1)
      daemons (~> 1.0, >= 1.0.9)
      eventmachine (~> 1.0, >= 1.0.4)
      logger
      rack (>= 1, < 4)
    thor (1.4.0)
    tilt (2.6.1)
    tzinfo (2.0.6)
      concurrent-ruby (~> 1.0)
    unicode (0.4.4.5)
    uri (1.0.4)

PLATFORMS
  x86_64-linux

DEPENDENCIES
  haml
  rack
  rack-flash3
  rackup
  sidekiq
  sidekiq-cron
  sinatra
  sinatra-formhelpers-ng
  thin

BUNDLED WITH
   2.4.10
